GEM
  remote: https://rubygems.org/
  specs:
    addressable (2.3.8)
    chronic (0.10.2)
    coderay (1.1.0)
    dotenv (2.0.2)
    faraday (0.9.1)
      multipart-post (>= 1.2, < 3)
    method_source (0.8.2)
    multipart-post (2.0.0)
    octokit (4.1.1)
      sawyer (~> 0.6.0, >= 0.5.3)
    pry (0.10.2)
      coderay (~> 1.1.0)
      method_source (~> 0.8.1)
      slop (~> 3.4)
    sawyer (0.6.0)
      addressable (~> 2.3.5)
      faraday (~> 0.8, < 0.10)
    slop (3.6.0)
    whenever (0.9.4)
      chronic (>= 0.6.3)
    yajl-ruby (1.4.3)

PLATFORMS
  ruby

DEPENDENCIES
  dotenv
  octokit
  pry
  whenever
  yajl-ruby

BUNDLED WITH
   1.10.6
